GEM
  remote: https://rubygems.org/
  specs:
    addressable (2.5.2)
      public_suffix (>= 2.0.2, < 4.0)
    mini_portile2 (2.3.0)
    nokogiri (1.8.5)
      mini_portile2 (~> 2.3.0)
    public_suffix (3.0.3)
    roo (2.7.1)
      nokogiri (~> 1)
      rubyzip (~> 1.1, < 2.0.0)
    roo-xls (1.2.0)
      nokogiri
      roo (>= 2.0.0, < 3)
      spreadsheet (> 0.9.0)
    ruby-ole (1.2.12.1)
    rubyzip (1.2.2)
    spreadsheet (1.1.8)
      ruby-ole (>= 1.0)

PLATFORMS
  ruby

DEPENDENCIES
  addressable
  nokogiri
  roo
  roo-xls

RUBY VERSION
   ruby 2.5.3p105

BUNDLED WITH
   1.17.1
